PATH
  remote: .
  specs:
    mercury (2-java)
      jar-dependencies

GEM
  remote: https://rubygems.org/
  specs:
    actionview (6.1.7)
      activesupport (= 6.1.7)
      builder (~> 3.1)
      erubi (~> 1.4)
      rails-dom-testing (~> 2.0)
      rails-html-sanitizer (~> 1.1, >= 1.2.0)
    activesupport (6.1.7)
      concurrent-ruby (~> 1.0, >= 1.0.2)
      i18n (>= 1.6, < 2)
      minitest (>= 5.1)
      tzinfo (~> 2.0)
      zeitwerk (~> 2.3)
    builder (3.2.4)
    coderay (1.1.3)
    concurrent-ruby (1.1.10)
    crass (1.0.6)
    erubi (1.11.0)
    ffi (1.15.5-java)
    ftpd (2.1.0)
      memoizer (~> 1.0)
    i18n (1.12.0)
      concurrent-ruby (~> 1.0)
    jar-dependencies (0.4.1)
    jbuilder (2.11.5)
      actionview (>= 5.0.0)
      activesupport (>= 5.0.0)
    jdbc-mariadb (2.4.2)
    jdbc-sqlite3 (3.28.0)
    log4jruby (3.0.0.rc2-java)
    loofah (2.19.0)
      crass (~> 1.0.2)
      nokogiri (>= 1.5.9)
    manticore (0.9.1-java)
      openssl_pkcs8_pure
    memoizer (1.0.3)
    method_source (1.0.0)
    minitest (5.16.3)
    nio4r (2.5.8-java)
    nokogiri (1.13.9-java)
      racc (~> 1.4)
    openssl_pkcs8_pure (0.0.0.2)
    optparse (0.2.0)
    pry (0.14.1-java)
      coderay (~> 1.1)
      method_source (~> 1.0)
      spoon (~> 0.0)
    puma (6.0.0-java)
      nio4r (~> 2.0)
    racc (1.6.0-java)
    rack (1.6.13)
    rack-protection (1.5.5)
      rack
    rails-dom-testing (2.0.3)
      activesupport (>= 4.2.0)
      nokogiri (>= 1.6)
    rails-html-sanitizer (1.4.3)
      loofah (~> 2.3)
    rake (13.0.6)
    rake-compiler (1.2.0)
      rake
    rb-readline (0.5.5)
    ruby-maven (3.3.13)
      ruby-maven-libs (~> 3.3.9)
    ruby-maven-libs (3.3.9)
    sequel (5.61.0)
    sinatra (1.4.8)
      rack (~> 1.5)
      rack-protection (~> 1.4)
      tilt (>= 1.3, < 3)
    spoon (0.0.6)
      ffi
    tilt (2.0.11)
    tzinfo (2.0.5)
      concurrent-ruby (~> 1.0)
    zeitwerk (2.6.2)

PLATFORMS
  universal-java-11
  universal-java-19
  universal-java-20

DEPENDENCIES
  ftpd
  jbuilder
  jdbc-mariadb
  jdbc-sqlite3
  log4jruby (= 3.0.0.rc2)
  manticore
  mercury!
  optparse
  pry
  puma
  rake
  rake-compiler
  rb-readline
  ruby-maven
  sequel
  sinatra (~> 1.4)

BUNDLED WITH
   2.2.33
